GEM
  remote: https://rubygems.org/
  specs:
    curb (0.9.4)
    json (2.1.0)
    mustermann (1.0.2)
    rack (2.0.4)
    rack-protection (2.0.1)
      rack
    redis (4.0.1)
    sinatra (2.0.1)
      mustermann (~> 1.0)
      rack (~> 2.0)
      rack-protection (= 2.0.1)
      tilt (~> 2.0)
    sinatra-cross_origin (0.3.2)
    tilt (2.0.8)

PLATFORMS
  ruby

DEPENDENCIES
  curb
  json
  redis
  sinatra
  sinatra-cross_origin (~> 0.3.1)

BUNDLED WITH
   1.16.1
